GEM
  remote: https://rubygems.org/
  specs:
    addressable (2.3.5)
    dwolla-ruby (2.5.0)
      addressable (>= 2)
      multi_json (>= 1.0.4, < 2)
      rest-client (~> 1.4)
    mime-types (1.25)
    multi_json (1.8.0)
    rack (1.5.2)
    rack-protection (1.5.1)
      rack
    rest-client (1.6.7)
      mime-types (>= 1.16)
    sinatra (1.4.4)
      rack (~> 1.4)
      rack-protection (~> 1.4)
      tilt (~> 1.3, >= 1.3.4)
    tilt (1.4.1)

PLATFORMS
  ruby

DEPENDENCIES
  dwolla-ruby
  sinatra (= 1.4.4)
