GEM
  remote: https://rubygems.org/
  specs:
    addressable (2.3.5)
    dwolla (0.0.15)
      faraday (= 0.7.6)
      multi_json (= 1.3.6)
    faraday (0.7.6)
      addressable (~> 2.2)
      multipart-post (~> 1.1)
      rack (~> 1.1)
    multi_json (1.3.6)
    multipart-post (1.2.0)
    rack (1.5.2)
    rack-protection (1.5.1)
      rack
    sinatra (1.4.4)
      rack (~> 1.4)
      rack-protection (~> 1.4)
      tilt (~> 1.3, >= 1.3.4)
    tilt (1.4.1)

PLATFORMS
  ruby

DEPENDENCIES
  dwolla
  sinatra (= 1.4.4)
